GEM
  remote: http://rubygems.org/
  specs:
    blankslate (2.1.2.4)
    chunky_png (1.2.5)
    compass (0.12.alpha.4)
      chunky_png (~> 1.2)
      fssm (>= 0.2.7)
      sass (~> 3.1)
    ffi (1.0.11)
    fssm (0.2.8)
    haml (3.1.4)
    kgio (2.7.2)
    pygments.rb (0.2.4)
      rubypython (~> 0.5.3)
    rack (1.4.1)
    rack-protection (1.2.0)
      rack
    raindrops (0.8.0)
    redcarpet (2.1.0)
    rubypython (0.5.3)
      blankslate (>= 2.1.2.3)
      ffi (~> 1.0.7)
    sass (3.1.12)
    sinatra (1.3.2)
      rack (~> 1.3, >= 1.3.6)
      rack-protection (~> 1.2)
      tilt (~> 1.3, >= 1.3.3)
    tilt (1.3.3)
    unicorn (4.1.1)
      kgio (~> 2.4)
      rack
      raindrops (~> 0.6)
    wrappable (0.0.5)

PLATFORMS
  ruby

DEPENDENCIES
  compass
  haml
  pygments.rb
  redcarpet
  sass
  sinatra
  unicorn
  wrappable
