GEM
  remote: http://rubygems.org/
  specs:
    blankslate (2.1.2.4)
    ffi (1.0.11)
    haml (3.1.4)
    kgio (2.7.2)
    pygments.rb (0.2.4)
      rubypython (~> 0.5.3)
    rack (1.4.1)
    rack-protection (1.2.0)
      rack
    raindrops (0.8.0)
    redcarpet (2.1.0)
    rubypython (0.5.3)
      blankslate (>= 2.1.2.3)
      ffi (~> 1.0.7)
    sinatra (1.3.2)
      rack (~> 1.3, >= 1.3.6)
      rack-protection (~> 1.2)
      tilt (~> 1.3, >= 1.3.3)
    tilt (1.3.3)
    unicorn (4.1.1)
      kgio (~> 2.4)
      rack
      raindrops (~> 0.6)
    wrappable (0.0.5)

PLATFORMS
  ruby

DEPENDENCIES
  haml
  pygments.rb
  redcarpet
  sinatra
  unicorn
  wrappable
